GEM
  remote: http://rubygems.org/
  specs:
    activesupport (3.0.3)
    git (1.2.5)
    i18n (0.4.1)
    jeweler (1.5.1)
      bundler (~> 1.0.0)
      git (>= 1.2.5)
      rake
    maruku (0.6.0)
      syntax (>= 1.0.0)
    rake (0.8.7)
    syntax (1.0.0)
    thor (0.14.6)
    yard (0.6.3)

PLATFORMS
  ruby

DEPENDENCIES
  activesupport (>= 2.3.5)
  i18n
  jeweler (>= 1.4.0)
  maruku (>= 0.5.9)
  thor (>= 0.13.4)
  yard (>= 0.5.3)
